GEM
  remote: https://rubygems.org/
  specs:

PLATFORMS
  universal-darwin-22

DEPENDENCIES

BUNDLED WITH
   2.2.4
